GIT
  remote: https://github.com/iain/http_accept_language.git
  revision: 74a6a244afa069154d08df0f5df373a6c7fc4fe2
  specs:
    http_accept_language (2.1.1)

GIT
  remote: https://github.com/matchu/flex.git
  revision: 6d7e3fd6e2845ae978545be67b912323888d1ebb
  specs:
    flex (0.4.1)
      multi_json (~> 1.3.4)
      progressbar (~> 0.11.0)
      prompter (~> 0.1.5)

GIT
  remote: https://github.com/matchu/globalize3.git
  revision: e23277864270131bbee29033f8a3abfb74ffe1f8
  specs:
    globalize3 (0.3.0)
      activemodel (>= 3.0.0)
      activerecord (>= 3.0.0)
      paper_trail (~> 2)

GIT
  remote: https://github.com/matchu/neopets.git
  revision: 5d13a720b616ba57fbbd54541f3e5daf02b3fedc
  specs:
    neopets (0.2.0)
      nokogiri (~> 1.5.2)

GIT
  remote: https://github.com/rubyamf/rocketamf.git
  revision: 796f591d002b5cf47df436dbcbd6f2ab00e869ed
  specs:
    RocketAMF (1.0.0)

GEM
  remote: http://rubygems.org/
  specs:
    actionmailer (3.2.22.5)
      actionpack (= 3.2.22.5)
      mail (~> 2.5.4)
    actionpack (3.2.22.5)
      activemodel (= 3.2.22.5)
      activesupport (= 3.2.22.5)
      builder (~> 3.0.0)
      erubis (~> 2.7.0)
      journey (~> 1.0.4)
      rack (~> 1.4.5)
      rack-cache (~> 1.2)
      rack-test (~> 0.6.1)
      sprockets (~> 2.2.1)
    activemodel (3.2.22.5)
      activesupport (= 3.2.22.5)
      builder (~> 3.0.0)
    activerecord (3.2.22.5)
      activemodel (= 3.2.22.5)
      activesupport (= 3.2.22.5)
      arel (~> 3.0.2)
      tzinfo (~> 0.3.29)
    activeresource (3.2.22.5)
      activemodel (= 3.2.22.5)
      activesupport (= 3.2.22.5)
    activesupport (3.2.22.5)
      i18n (~> 0.6, >= 0.6.4)
      multi_json (~> 1.0)
    addressable (2.3.8)
    airbrake (3.1.17)
      builder
      multi_json
    arel (3.0.3)
    bcrypt (3.1.10)
    bcrypt-ruby (3.1.5)
      bcrypt (>= 3.1.3)
    builder (3.0.4)
    capistrano (2.15.5)
      highline
      net-scp (>= 1.0.0)
      net-sftp (>= 2.0.0)
      net-ssh (>= 2.0.14)
      net-ssh-gateway (>= 1.1.0)
    carrierwave (0.8.0)
      activemodel (>= 3.2.0)
      activesupport (>= 3.2.0)
    character-encodings (0.4.1)
    chronic (0.6.7)
    chunky_png (1.3.4)
    compass (0.12.7)
      chunky_png (~> 1.2)
      fssm (>= 0.2.7)
      sass (~> 3.2.19)
    compass-rails (1.0.3)
      compass (>= 0.12.2, < 0.14)
    concurrent-ruby (1.1.9)
    devise (2.2.8)
      bcrypt-ruby (~> 3.0)
      orm_adapter (~> 0.1)
      railties (~> 3.1)
      warden (~> 1.2.1)
    diff-lcs (1.2.5)
    dotenv (2.0.1)
    dotenv-deployment (0.0.2)
    dotenv-rails (2.0.1)
      dotenv (= 2.0.1)
    dye (0.1.4)
    erubis (2.7.0)
    excon (0.71.0)
    execjs (2.5.2)
    factory_girl (2.6.4)
      activesupport (>= 2.3.9)
    factory_girl_rails (1.7.0)
      factory_girl (~> 2.6.0)
      railties (>= 3.0.0)
    fog (1.8.0)
      builder
      excon (~> 0.14)
      formatador (~> 0.2.0)
      mime-types
      multi_json (~> 1.0)
      net-scp (~> 1.0.4)
      net-ssh (>= 2.1.3)
      nokogiri (~> 1.5.0)
      ruby-hmac
    formatador (0.2.5)
    fssm (0.2.10)
    haml (4.0.6)
      tilt
    highline (1.7.2)
    hike (1.2.3)
    i18n (0.9.5)
      concurrent-ruby (~> 1.0)
    journey (1.0.4)
    json (1.8.6)
    launchy (2.4.3)
      addressable (~> 2.3)
    letter_opener (1.4.1)
      launchy (~> 2.2)
    mail (2.5.5)
      mime-types (~> 1.16)
      treetop (~> 1.4.8)
    memcache-client (1.8.5)
    mime-types (1.25.1)
    mini_magick (3.8.1)
      subexec (~> 0.2.1)
    msgpack (0.5.12)
    multi_json (1.3.7)
    mysql2 (0.3.18)
    net-scp (1.0.4)
      net-ssh (>= 1.99.1)
    net-sftp (2.1.2)
      net-ssh (>= 2.6.5)
    net-ssh (2.9.2)
    net-ssh-gateway (1.2.0)
      net-ssh (>= 2.6.5)
    newrelic_rpm (3.12.1.298)
    nokogiri (1.5.11)
    openneo-auth-signatory (0.1.0)
      ruby-hmac
    orm_adapter (0.5.0)
    paper_trail (2.7.2)
      activerecord (~> 3.0)
      railties (~> 3.0)
    parallel (1.13.0)
    passenger_monit (0.1.1)
    patron (0.4.20)
    polyglot (0.3.5)
    progressbar (0.11.0)
    prompter (0.1.6)
      dye (>= 0.1.1)
      yard (>= 0.6.3)
    rack (1.4.7)
    rack-attack (2.2.1)
      rack
    rack-cache (1.7.1)
      rack (>= 0.4)
    rack-protection (1.5.3)
      rack
    rack-ssl (1.3.4)
      rack
    rack-test (0.6.3)
      rack (>= 1.0)
    rails (3.2.22.5)
      actionmailer (= 3.2.22.5)
      actionpack (= 3.2.22.5)
      activerecord (= 3.2.22.5)
      activeresource (= 3.2.22.5)
      activesupport (= 3.2.22.5)
      bundler (~> 1.0)
      railties (= 3.2.22.5)
    rails-i18n (3.0.1)
      i18n (~> 0.5)
      rails (>= 3.0.0, < 4.0.0)
    railties (3.2.22.5)
      actionpack (= 3.2.22.5)
      activesupport (= 3.2.22.5)
      rack-ssl (~> 1.3.2)
      rake (>= 0.8.7)
      rdoc (~> 3.4)
      thor (>= 0.14.6, < 2.0)
    rake (12.2.1)
    rdiscount (1.6.8)
    rdoc (3.12.2)
      json (~> 1.4)
    react-rails (0.8.0.0)
      execjs
      rails (>= 3.1)
      react-source (= 0.8.0)
    react-source (0.8.0)
    redis (3.2.1)
    redis-namespace (1.5.2)
      redis (~> 3.0, >= 3.0.4)
    resque (1.23.1)
      multi_json (~> 1.0)
      redis-namespace (~> 1.0)
      sinatra (>= 0.9.2)
      vegas (~> 0.1.2)
    resque-retry (0.1.0)
      resque (>= 1.8.0)
      resque-scheduler (>= 1.8.0)
    resque-scheduler (2.0.1)
      redis (>= 2.0.1)
      resque (>= 1.20.0)
      rufus-scheduler
    rest-client (1.6.9)
      mime-types (~> 1.16)
    right_aws (2.1.0)
      right_http_connection (>= 1.2.5)
    right_http_connection (1.5.0)
    rspec (2.0.1)
      rspec-core (~> 2.0.1)
      rspec-expectations (~> 2.0.1)
      rspec-mocks (~> 2.0.1)
    rspec-core (2.0.1)
    rspec-expectations (2.0.1)
      diff-lcs (>= 1.1.2)
    rspec-mocks (2.0.1)
      rspec-core (~> 2.0.1)
      rspec-expectations (~> 2.0.1)
    rspec-rails (2.0.1)
      rspec (~> 2.0.0)
    ruby-hmac (0.4.0)
    rufus-scheduler (3.1.3)
    rvm-capistrano (1.5.6)
      capistrano (~> 2.15.4)
    sanitize (2.0.6)
      nokogiri (>= 1.4.4)
    sass (3.2.19)
    sass-rails (3.2.6)
      railties (~> 3.2.0)
      sass (>= 3.1.10)
      tilt (~> 1.3)
    sinatra (1.4.6)
      rack (~> 1.4)
      rack-protection (~> 1.4)
      tilt (>= 1.3, < 3)
    sprockets (2.2.3)
      hike (~> 1.2)
      multi_json (~> 1.0)
      rack (~> 1.0)
      tilt (~> 1.1, != 1.3.0)
    subexec (0.2.3)
    swf_converter (0.0.3)
    thor (0.20.3)
    tilt (1.4.1)
    treetop (1.4.15)
      polyglot
      polyglot (>= 0.3.1)
    tzinfo (0.3.62)
    uglifier (2.7.1)
      execjs (>= 0.3.0)
      json (>= 1.8.0)
    vegas (0.1.11)
      rack (>= 1.0.0)
    warden (1.2.3)
      rack (>= 1.0)
    whenever (0.7.3)
      activesupport (>= 2.3.4)
      chronic (~> 0.6.3)
    will_paginate (3.0.7)
    yard (0.9.34)

PLATFORMS
  ruby

DEPENDENCIES
  RocketAMF!
  addressable
  airbrake (~> 3.1.8)
  capistrano (~> 2.15.5)
  carrierwave (~> 0.8.0)
  character-encodings (~> 0.4.1)
  compass-rails (~> 1.0.3)
  devise (~> 2.2.3)
  dotenv-deployment
  dotenv-rails
  factory_girl_rails (~> 1.0)
  flex!
  fog (~> 1.8.0)
  globalize3!
  haml (~> 4.0.0)
  http_accept_language!
  json (~> 1.8.1)
  letter_opener
  memcache-client (~> 1.8.5)
  mini_magick (~> 3.4)
  msgpack (~> 0.5.3)
  mysql2 (>= 0.3.11)
  neopets (~> 0.2.0)!
  newrelic_rpm
  nokogiri (~> 1.5.2)
  openneo-auth-signatory (~> 0.1.0)
  parallel (~> 1.13.0)
  passenger_monit (~> 0.1.1)
  patron (~> 0.4.18)
  rack-attack (~> 2.2.0)
  rails (= 3.2.22.5)
  rails-i18n
  rdiscount (~> 1.6.5)
  react-rails (~> 0.8.0.0)
  resque (~> 1.23.0)
  resque-retry (~> 0.1.0)
  resque-scheduler (~> 2.0.0.d)
  rest-client (~> 1.6.7)
  right_aws (~> 2.1.0)
  rspec-rails (~> 2.0.0.beta.22)
  rvm-capistrano (~> 1.5.6)
  sanitize (~> 2.0.3)
  sass-rails (~> 3.2.6)
  swf_converter (~> 0.0.3)
  uglifier (>= 1.0.3)
  whenever (~> 0.7.3)
  will_paginate (~> 3.0.pre2)

BUNDLED WITH
   1.17.3
