GIT
  remote: git://github.com/eventmachine/eventmachine.git
  revision: 1d9b28eae110457ef3915aef380319a95697a167
  specs:
    eventmachine (1.0.0.beta.2)

GIT
  remote: git://github.com/igrigorik/em-http-request.git
  revision: bbf9c11e02aaa91f5d1149319dcab59f410426e8
  specs:
    em-http-request (0.3.0)
      addressable (>= 2.0.0)
      escape_utils
      eventmachine (>= 0.12.9)

GIT
  remote: git://github.com/igrigorik/em-mysqlplus.git
  revision: 35320562abc914cc7d9fd203abb746f99796739e
  specs:
    em-mysqlplus (0.1.5)
      eventmachine (>= 0.12.9)

GIT
  remote: git://github.com/igrigorik/em-synchrony.git
  revision: f59169c5c8f893336802f1de2970ee9dd8755158
  specs:
    em-synchrony (0.2.0)
      eventmachine (>= 0.12.9)

GIT
  remote: git://github.com/oldmoe/mysqlplus.git
  revision: 2daef86c487ec1c531ecfe84ed342d15a1c89554
  specs:
    mysqlplus (0.1.1)

GIT
  remote: git://github.com/warhammerkid/rocket-amf.git
  revision: aecb8ce8b54e822bb594a53371801b446ecb26af
  specs:
    RocketAMF (0.2.1)

GEM
  remote: http://rubygems.org/
  specs:
    aaronh-chronic (0.3.9)
    abstract (1.0.0)
    actionmailer (3.0.4)
      actionpack (= 3.0.4)
      mail (~> 2.2.15)
    actionpack (3.0.4)
      activemodel (= 3.0.4)
      activesupport (= 3.0.4)
      builder (~> 2.1.2)
      erubis (~> 2.6.6)
      i18n (~> 0.4)
      rack (~> 1.2.1)
      rack-mount (~> 0.6.13)
      rack-test (~> 0.5.7)
      tzinfo (~> 0.3.23)
    activemodel (3.0.4)
      activesupport (= 3.0.4)
      builder (~> 2.1.2)
      i18n (~> 0.4)
    activerecord (3.0.4)
      activemodel (= 3.0.4)
      activesupport (= 3.0.4)
      arel (~> 2.0.2)
      tzinfo (~> 0.3.23)
    activeresource (3.0.4)
      activemodel (= 3.0.4)
      activesupport (= 3.0.4)
    activesupport (3.0.4)
    addressable (2.2.4)
    arel (2.0.8)
    bcrypt-ruby (2.1.4)
    builder (2.1.2)
    closure-compiler (1.0.0)
    compass (0.10.6)
      haml (>= 3.0.4)
    daemons (1.1.0)
    devise (1.1.5)
      bcrypt-ruby (~> 2.1.2)
      warden (~> 1.0.2)
    diff-lcs (1.1.2)
    erubis (2.6.6)
      abstract (>= 1.0.0)
    escape_utils (0.1.9)
    factory_girl (1.3.3)
    factory_girl_rails (1.0.1)
      factory_girl (~> 1.3)
      railties (>= 3.0.0)
    haml (3.0.25)
    hoptoad_notifier (2.4.5)
      activesupport
      builder
    i18n (0.5.0)
    jammit (0.5.4)
      closure-compiler (>= 0.1.0)
      yui-compressor (>= 0.9.1)
    mail (2.2.15)
      activesupport (>= 2.3.6)
      i18n (>= 0.4.0)
      mime-types (~> 1.16)
      treetop (~> 1.4.8)
    memcache-client (1.8.5)
    mime-types (1.16)
    msgpack (0.4.4)
    mysql2 (0.2.6)
    openneo-auth-signatory (0.1.0)
      ruby-hmac
    polyglot (0.3.1)
    rack (1.2.1)
    rack-fiber_pool (0.9.1)
    rack-mount (0.6.13)
      rack (>= 1.0.0)
    rack-test (0.5.7)
      rack (>= 1.0)
    rails (3.0.4)
      actionmailer (= 3.0.4)
      actionpack (= 3.0.4)
      activerecord (= 3.0.4)
      activeresource (= 3.0.4)
      activesupport (= 3.0.4)
      bundler (~> 1.0)
      railties (= 3.0.4)
    railties (3.0.4)
      actionpack (= 3.0.4)
      activesupport (= 3.0.4)
      rake (>= 0.8.7)
      thor (~> 0.14.4)
    rake (0.8.7)
    rdiscount (1.6.8)
    rspec (2.0.1)
      rspec-core (~> 2.0.1)
      rspec-expectations (~> 2.0.1)
      rspec-mocks (~> 2.0.1)
    rspec-core (2.0.1)
    rspec-expectations (2.0.1)
      diff-lcs (>= 1.1.2)
    rspec-mocks (2.0.1)
      rspec-core (~> 2.0.1)
      rspec-expectations (~> 2.0.1)
    rspec-rails (2.0.1)
      rspec (~> 2.0.0)
    ruby-hmac (0.4.0)
    thin (1.2.7)
      daemons (>= 1.0.9)
      eventmachine (>= 0.12.6)
      rack (>= 1.0.0)
    thor (0.14.6)
    treetop (1.4.9)
      polyglot (>= 0.3.1)
    tzinfo (0.3.24)
    warden (1.0.3)
      rack (>= 1.0.0)
    whenever (0.6.2)
      aaronh-chronic (>= 0.3.9)
      activesupport (>= 2.3.4)
    will_paginate (3.0.pre2)
    yui-compressor (0.9.3)

PLATFORMS
  ruby

DEPENDENCIES
  RocketAMF!
  addressable
  compass (~> 0.10.1)
  devise (~> 1.1.5)
  em-http-request!
  em-mysqlplus!
  em-synchrony!
  eventmachine!
  factory_girl_rails (~> 1.0)
  haml (~> 3.0.18)
  hoptoad_notifier
  jammit (~> 0.5.3)
  memcache-client (~> 1.8.5)
  msgpack (~> 0.4.3)
  mysql2
  mysqlplus!
  openneo-auth-signatory (~> 0.1.0)
  rack-fiber_pool
  rails (= 3.0.4)
  rdiscount (~> 1.6.5)
  rspec-rails (~> 2.0.0.beta.22)
  thin (~> 1.2.7)
  whenever (~> 0.6.2)
  will_paginate (~> 3.0.pre2)
