GIT
  remote: git://github.com/eventmachine/eventmachine.git
  revision: 69151c3ebb3e4ecf2bb9b6e2fab2022dc34f8541
  specs:
    eventmachine (1.0.0.beta.4)

GIT
  remote: git://github.com/igrigorik/em-http-request.git
  revision: ce50f322ce08d43a4a747cf333ea576765d764c4
  specs:
    em-http-request (1.0.1)
      addressable (>= 2.2.3)
      cookiejar
      em-socksify
      eventmachine (>= 1.0.0.beta.4)
      http_parser.rb (>= 0.5.3)

GIT
  remote: git://github.com/igrigorik/em-mysqlplus.git
  revision: 11d6e1123654b948c1d0a8c9d9077e82420b2846
  specs:
    em-mysqlplus (0.1.5)
      eventmachine (>= 0.12.9)

GIT
  remote: git://github.com/igrigorik/em-synchrony.git
  revision: c7209a58f9eb92e1dc81fb141297f9f257c2fdcb
  specs:
    em-synchrony (1.0.0)
      eventmachine (>= 1.0.0.beta.1)

GIT
  remote: git://github.com/oldmoe/mysqlplus.git
  revision: 3dbaa7c00ff0bb75ad9538cdef176c72de35d231
  specs:
    mysqlplus (0.1.1)

GIT
  remote: git://github.com/rubyamf/rocketamf.git
  revision: ed82db7659f624d6c3ca244e4127dad270a484c7
  specs:
    RocketAMF (1.0.0)

GEM
  remote: http://rubygems.org/
  specs:
    POpen4 (0.1.4)
      Platform (>= 0.4.0)
      open4
    Platform (0.4.0)
    aaronh-chronic (0.3.9)
    abstract (1.0.0)
    actionmailer (3.0.5)
      actionpack (= 3.0.5)
      mail (~> 2.2.15)
    actionpack (3.0.5)
      activemodel (= 3.0.5)
      activesupport (= 3.0.5)
      builder (~> 2.1.2)
      erubis (~> 2.6.6)
      i18n (~> 0.4)
      rack (~> 1.2.1)
      rack-mount (~> 0.6.13)
      rack-test (~> 0.5.7)
      tzinfo (~> 0.3.23)
    activemodel (3.0.5)
      activesupport (= 3.0.5)
      builder (~> 2.1.2)
      i18n (~> 0.4)
    activerecord (3.0.5)
      activemodel (= 3.0.5)
      activesupport (= 3.0.5)
      arel (~> 2.0.2)
      tzinfo (~> 0.3.23)
    activeresource (3.0.5)
      activemodel (= 3.0.5)
      activesupport (= 3.0.5)
    activesupport (3.0.5)
    addressable (2.2.6)
    arel (2.0.10)
    bcrypt-ruby (2.1.4)
    builder (2.1.2)
    character-encodings (0.4.1)
    closure-compiler (1.1.4)
    compass (0.10.6)
      haml (>= 3.0.4)
    cookiejar (0.3.0)
    devise (1.1.9)
      bcrypt-ruby (~> 2.1.2)
      warden (~> 1.0.2)
    diff-lcs (1.1.3)
    em-socksify (0.1.0)
      eventmachine
    erubis (2.6.6)
      abstract (>= 1.0.0)
    factory_girl (2.3.2)
      activesupport
    factory_girl_rails (1.4.0)
      factory_girl (~> 2.3.0)
      railties (>= 3.0.0)
    haml (3.0.25)
    hoptoad_notifier (2.4.11)
      activesupport
      builder
    http_parser.rb (0.5.3)
    i18n (0.6.0)
    jammit (0.5.4)
      closure-compiler (>= 0.1.0)
      yui-compressor (>= 0.9.1)
    json (1.4.6)
    mail (2.2.19)
      activesupport (>= 2.3.6)
      i18n (>= 0.4.0)
      mime-types (~> 1.16)
      treetop (~> 1.4.8)
    memcache-client (1.8.5)
    mime-types (1.17.2)
    msgpack (0.4.6)
    mysql2 (0.2.6)
    newrelic_rpm (3.3.3)
    nokogiri (1.5.0)
    open4 (1.3.0)
    openneo-auth-signatory (0.1.0)
      ruby-hmac
    polyglot (0.3.3)
    rack (1.2.5)
    rack-fiber_pool (0.9.2)
    rack-mount (0.6.14)
      rack (>= 1.0.0)
    rack-test (0.5.7)
      rack (>= 1.0)
    rails (3.0.5)
      actionmailer (= 3.0.5)
      actionpack (= 3.0.5)
      activerecord (= 3.0.5)
      activeresource (= 3.0.5)
      activesupport (= 3.0.5)
      bundler (~> 1.0)
      railties (= 3.0.5)
    railties (3.0.5)
      actionpack (= 3.0.5)
      activesupport (= 3.0.5)
      rake (>= 0.8.7)
      thor (~> 0.14.4)
    rake (0.9.2.2)
    rdiscount (1.6.8)
    redis (2.2.2)
    redis-namespace (1.1.0)
      redis (< 3.0.0)
    resque (1.15.0)
      json (~> 1.4.6)
      redis-namespace (>= 0.10.0)
      sinatra (>= 0.9.2)
      vegas (~> 0.1.2)
    resque-retry (0.1.0)
      resque (>= 1.8.0)
      resque-scheduler (>= 1.8.0)
    resque-scheduler (2.0.0.e)
      redis (>= 2.0.1)
      resque (>= 1.15.0)
      rufus-scheduler
    right_aws (2.1.0)
      right_http_connection (>= 1.2.5)
    right_http_connection (1.3.0)
    rspec (2.0.1)
      rspec-core (~> 2.0.1)
      rspec-expectations (~> 2.0.1)
      rspec-mocks (~> 2.0.1)
    rspec-core (2.0.1)
    rspec-expectations (2.0.1)
      diff-lcs (>= 1.1.2)
    rspec-mocks (2.0.1)
      rspec-core (~> 2.0.1)
      rspec-expectations (~> 2.0.1)
    rspec-rails (2.0.1)
      rspec (~> 2.0.0)
    ruby-hmac (0.4.0)
    rufus-scheduler (2.0.16)
      tzinfo (>= 0.3.23)
    sanitize (2.0.3)
      nokogiri (< 1.6, >= 1.4.4)
    sinatra (1.2.8)
      rack (~> 1.1)
      tilt (>= 1.2.2, < 2.0)
    swf_converter (0.0.3)
    thor (0.14.6)
    tilt (1.3.3)
    treetop (1.4.10)
      polyglot
      polyglot (>= 0.3.1)
    tzinfo (0.3.31)
    vegas (0.1.8)
      rack (>= 1.0.0)
    warden (1.0.6)
      rack (>= 1.0)
    whenever (0.6.8)
      aaronh-chronic (>= 0.3.9)
      activesupport (>= 2.3.4)
    will_paginate (3.0.2)
    yui-compressor (0.9.6)
      POpen4 (>= 0.1.4)

PLATFORMS
  ruby

DEPENDENCIES
  RocketAMF!
  addressable
  character-encodings (~> 0.4.1)
  compass (~> 0.10.1)
  devise (~> 1.1.5)
  em-http-request!
  em-mysqlplus!
  em-synchrony!
  eventmachine!
  factory_girl_rails (~> 1.0)
  haml (~> 3.0.18)
  hoptoad_notifier
  jammit (~> 0.5.3)
  memcache-client (~> 1.8.5)
  msgpack (~> 0.4.3)
  mysql2 (< 0.3)
  mysqlplus!
  newrelic_rpm
  nokogiri (~> 1.5.0)
  openneo-auth-signatory (~> 0.1.0)
  rack-fiber_pool
  rails (= 3.0.5)
  rdiscount (~> 1.6.5)
  resque (~> 1.15.0)
  resque-retry (~> 0.1.0)
  resque-scheduler (~> 2.0.0.d)
  right_aws (~> 2.1.0)
  rspec-rails (~> 2.0.0.beta.22)
  sanitize (~> 2.0.3)
  swf_converter (~> 0.0.3)
  whenever (~> 0.6.2)
  will_paginate (~> 3.0.pre2)
