GEM
  remote: https://rubygems.org/
  specs:
    nio4r (2.5.9)
    puma (6.4.0)
      nio4r (~> 2.0)

PLATFORMS
  x86_64-darwin-21
  x86_64-linux

DEPENDENCIES
  puma (~> 6.3, >= 6.3.1)

BUNDLED WITH
   2.4.18
